GEM
  remote: file:/Users/awj/Desktop/jrubykickstart/flash/gem_dependencies/
  specs:
    activemodel (3.2.3)
      activesupport (= 3.2.3)
      builder (~> 3.0.0)
    activerecord (3.2.3)
      activemodel (= 3.2.3)
      activesupport (= 3.2.3)
      arel (~> 3.0.2)
      tzinfo (~> 0.3.29)
    activerecord-jdbc-adapter (1.2.2)
    activerecord-jdbcderby-adapter (1.2.2)
      activerecord-jdbc-adapter (~> 1.2.2)
      jdbc-derby (~> 10.6.0)
    activesupport (3.2.3)
      i18n (~> 0.6)
      multi_json (~> 1.0)
    arel (3.0.2)
    builder (3.0.0)
    i18n (0.6.0)
    jdbc-derby (10.6.2.1)
    multi_json (1.3.5)
    tzinfo (0.3.33)

PLATFORMS
  java

DEPENDENCIES
  activerecord (= 3.2.3)
  activerecord-jdbc-adapter (= 1.2.2)
  activerecord-jdbcderby-adapter (= 1.2.2)
